GEM
  remote: http://rubygems.org/
  specs:
    crack (0.1.8)
    diff-lcs (1.1.2)
    dragonfly (0.8.2)
      rack
    git (1.2.5)
    httparty (0.7.3)
      crack (= 0.1.8)
    jeweler (1.5.2)
      bundler (~> 1.0.0)
      git (>= 1.2.5)
      rake
    rack (1.2.2)
    rack-cache (1.0)
      rack (>= 0.4)
    rake (0.8.7)
    rcov (0.9.9)
    rspec (2.4.0)
      rspec-core (~> 2.4.0)
      rspec-expectations (~> 2.4.0)
      rspec-mocks (~> 2.4.0)
    rspec-core (2.4.0)
    rspec-expectations (2.4.0)
      diff-lcs (~> 1.1.2)
    rspec-mocks (2.4.0)
    sinatra (1.2.1)
      rack (~> 1.1)
      tilt (< 2.0, >= 1.2.2)
    tilt (1.2.2)

PLATFORMS
  ruby

DEPENDENCIES
  bundler (~> 1.0.0)
  dragonfly (~> 0.8.2)
  httparty (~> 0.7.3)
  jeweler (~> 1.5.2)
  rack-cache
  rcov
  rspec (~> 2.4.0)
  sinatra (~> 1.2.1)
