GEM
  remote: http://rubygems.org/
  specs:
    activesupport (3.0.8)
    addressable (2.2.6)
    crack (0.1.8)
    diff-lcs (1.1.2)
    dragonfly (0.9.3)
      rack
    git (1.2.5)
    haml (3.1.2)
    httparty (0.7.8)
      crack (= 0.1.8)
    imagesize (0.1.1)
    jeweler (1.6.2)
      bundler (~> 1.0)
      git (>= 1.2.5)
      rake
    newrelic_rpm (3.0.1)
    rack (1.3.0)
    rack-test (0.6.0)
      rack (>= 1.0)
    rake (0.8.7)
    rcov (0.9.9)
    rspec (2.6.0)
      rspec-core (~> 2.6.0)
      rspec-expectations (~> 2.6.0)
      rspec-mocks (~> 2.6.0)
    rspec-core (2.6.4)
    rspec-expectations (2.6.0)
      diff-lcs (~> 1.1.2)
    rspec-mocks (2.6.0)
    sinatra (1.2.6)
      rack (~> 1.1)
      tilt (< 2.0, >= 1.2.2)
    tilt (1.3.2)
    webmock (1.6.4)
      addressable (> 2.2.5, ~> 2.2)
      crack (>= 0.1.7)

PLATFORMS
  ruby

DEPENDENCIES
  activesupport (>= 2.0.0)
  addressable (~> 2.2)
  dragonfly (~> 0.9.1)
  haml (~> 3.0)
  httparty (~> 0.7.3)
  imagesize (~> 0.1)
  jeweler (~> 1.5)
  newrelic_rpm
  rack-test
  rake (~> 0.8.7)
  rcov
  rspec (~> 2.4)
  sinatra (~> 1.2.1)
  webmock (~> 1.6)
