GEM
  remote: http://rubygems.org/
  specs:
    activesupport (3.0.5)
    addressable (2.2.4)
    archive-tar-minitar (0.5.2)
    columnize (0.3.2)
    crack (0.1.8)
    diff-lcs (1.1.2)
    dragonfly (0.8.2)
      rack
    git (1.2.5)
    haml (3.0.25)
    httparty (0.7.3)
      crack (= 0.1.8)
    i18n (0.5.0)
    imagesize (0.1.1)
    jeweler (1.5.2)
      bundler (~> 1.0.0)
      git (>= 1.2.5)
      rake
    linecache (0.43)
    linecache19 (0.5.12)
      ruby_core_source (>= 0.1.4)
    rack (1.2.2)
    rack-cache (1.0)
      rack (>= 0.4)
    rack-test (0.5.7)
      rack (>= 1.0)
    rake (0.8.7)
    rcov (0.9.9)
    rspec (2.5.0)
      rspec-core (~> 2.5.0)
      rspec-expectations (~> 2.5.0)
      rspec-mocks (~> 2.5.0)
    rspec-core (2.5.1)
    rspec-expectations (2.5.0)
      diff-lcs (~> 1.1.2)
    rspec-mocks (2.5.0)
    ruby-debug (0.10.4)
      columnize (>= 0.1)
      ruby-debug-base (~> 0.10.4.0)
    ruby-debug-base (0.10.4)
      linecache (>= 0.3)
    ruby-debug-base19 (0.11.25)
      columnize (>= 0.3.1)
      linecache19 (>= 0.5.11)
      ruby_core_source (>= 0.1.4)
    ruby-debug19 (0.11.6)
      columnize (>= 0.3.1)
      linecache19 (>= 0.5.11)
      ruby-debug-base19 (>= 0.11.19)
    ruby_core_source (0.1.5)
      archive-tar-minitar (>= 0.5.2)
    sinatra (1.2.1)
      rack (~> 1.1)
      tilt (< 2.0, >= 1.2.2)
    tilt (1.2.2)
    webmock (1.6.2)
      addressable (>= 2.2.2)
      crack (>= 0.1.7)

PLATFORMS
  ruby

DEPENDENCIES
  activesupport (>= 2.0.0)
  dragonfly (~> 0.8.2)
  haml (~> 3.0.25)
  httparty (~> 0.7.3)
  i18n
  imagesize (~> 0.1)
  jeweler (~> 1.5)
  rack-cache
  rack-test
  rcov
  rspec (~> 2.4)
  ruby-debug
  ruby-debug19
  sinatra (~> 1.2.1)
  webmock (~> 1.6)
